PATH
  remote: .
  specs:
    korbit (0.0.4)

GEM
  remote: https://rubygems.org/
  specs:

PLATFORMS
  ruby

DEPENDENCIES
  korbit!

BUNDLED WITH
   1.14.4
